PATH
  remote: ../crubyflie
  specs:
    crubyflie (0.3.0)
      libusb
      rubysdl
      trollop

PATH
  remote: .
  specs:
    albatross (0.1.0)
      crubyflie
      device_input

GEM
  remote: https://rubygems.org/
  specs:
    coderay (1.1.2)
    device_input (0.3.1.1)
    diff-lcs (1.3)
    ffi (1.9.18)
    libusb (0.6.3)
      ffi (~> 1.0)
      mini_portile2 (~> 2.1)
    method_source (0.9.0)
    mini_portile2 (2.3.0)
    pry (0.11.1)
      coderay (~> 1.1.0)
      method_source (~> 0.9.0)
    rake (10.5.0)
    rspec (3.6.0)
      rspec-core (~> 3.6.0)
      rspec-expectations (~> 3.6.0)
      rspec-mocks (~> 3.6.0)
    rspec-core (3.6.0)
      rspec-support (~> 3.6.0)
    rspec-expectations (3.6.0)
      diff-lcs (>= 1.2.0, < 2.0)
      rspec-support (~> 3.6.0)
    rspec-mocks (3.6.0)
      diff-lcs (>= 1.2.0, < 2.0)
      rspec-support (~> 3.6.0)
    rspec-support (3.6.0)
    rubysdl (2.2.0)
    trollop (2.1.2)

PLATFORMS
  ruby

DEPENDENCIES
  albatross!
  bundler (~> 1.15)
  crubyflie!
  pry
  rake (~> 10.0)
  rspec (~> 3.0)

BUNDLED WITH
   1.15.4
